GEM
  remote: https://rubygems.org/
  specs:
    builder (3.2.2)
    json (1.7.7)
    jwt (0.1.11)
      multi_json (>= 1.5)
    multi_json (1.9.2)
    oauth (0.4.7)
    rack (1.5.2)
    sinatra (1.1.0)
      rack (~> 1.1)
      tilt (~> 1.1)
    tilt (1.4.1)
    twilio-ruby (3.11.5)
      builder (>= 2.1.2)
      jwt (>= 0.1.2)
      multi_json (>= 1.3.0)
    yelpster (1.2.0)
      json (>= 1.1.1)
      oauth (>= 0.4.5)

PLATFORMS
  x86-mingw32

DEPENDENCIES
  json (= 1.7.7)
  sinatra (= 1.1.0)
  twilio-ruby (= 3.11.5)
  yelpster (= 1.2.0)
